GEM
  remote: https://rubygems.org/
  specs:
    ffi (1.9.0)
    libspotify (12.1.51.3)
    spotify (12.5.2)
      ffi (~> 1.0, >= 1.0.11)
      libspotify (~> 12.1.51)

PLATFORMS
  ruby

DEPENDENCIES
  spotify
